GEM
  remote: https://rubygems.org/
  specs:
    cinch (2.0.4)
    cinch-basic_ctcp (1.0.2)
      cinch (~> 2.0)
    cinch-identify (1.5.0)
      cinch (~> 2.0)
    configru (3.6.0)
    daemons (1.1.9)
    eventmachine (1.0.3)
    httparty (0.12.0)
      json (~> 1.8)
      multi_xml (>= 0.5.2)
    json (1.8.0)
    multi_xml (0.5.5)
    rack (1.5.2)
    rack-protection (1.5.0)
      rack
    sinatra (1.4.2)
      rack (~> 1.5, >= 1.5.2)
      rack-protection (~> 1.4)
      tilt (~> 1.3, >= 1.3.4)
    thin (1.5.1)
      daemons (>= 1.0.9)
      eventmachine (>= 0.12.6)
      rack (>= 1.0.0)
    tilt (1.4.0)

PLATFORMS
  ruby

DEPENDENCIES
  cinch (~> 2.0.0)
  cinch-basic_ctcp (~> 1.0.0)
  cinch-identify (~> 1.5.0)
  configru (~> 3.6.0)
  httparty (~> 0.12.0)
  sinatra (~> 1.4.0)
  thin
